GEM
  remote: https://rubygems.org/
  specs:
    coco (0.15.0)
    minitest (5.11.3)
    rake (12.3.1)

PLATFORMS
  ruby

DEPENDENCIES
  bundler
  coco
  minitest
  rake

BUNDLED WITH
   1.16.1
