GEM
  remote: https://rubygems.org/
  specs:
    coco (0.15.0)
    minitest (5.11.3)
    minitest-ci (3.4.0)
      minitest (>= 5.0.6)
    rake (12.3.1)

PLATFORMS
  ruby

DEPENDENCIES
  bundler
  coco
  minitest
  minitest-ci
  rake

BUNDLED WITH
   1.16.1
