GEM
  remote: https://rubygems.org/
  specs:
    codeclimate-test-reporter (1.0.8)
      simplecov (<= 0.13)
    docile (1.1.5)
    json (2.1.0)
    minitest (5.11.3)
    minitest-ci (3.4.0)
      minitest (>= 5.0.6)
    rake (12.3.1)
    simplecov (0.13.0)
      docile (~> 1.1.0)
      json (>= 1.8, < 3)
      simplecov-html (~> 0.10.0)
    simplecov-html (0.10.2)
    simplecov-json (0.2)
      json
      simplecov

PLATFORMS
  ruby

DEPENDENCIES
  bundler
  codeclimate-test-reporter
  minitest
  minitest-ci
  rake
  simplecov
  simplecov-json

BUNDLED WITH
   1.16.1
